GEM
  remote: https://rubygems.org/
  specs:
    pgn2 (0.4.0)
      whittle
    whittle (0.0.8)

PLATFORMS
  ruby
  x86_64-linux-gnu

DEPENDENCIES
  pgn2

BUNDLED WITH
   2.5.17
